GEM
  remote: https://rubygems.org/
  specs:
    httparty (0.13.1)
      json (~> 1.8)
      multi_xml (>= 0.5.2)
    imgurruby (1.0)
    json (1.8.1)
    mini_portile (0.5.3)
    multi_xml (0.5.5)
    nokogiri (1.6.1)
      mini_portile (~> 0.5.0)
    snoo (0.1.2)
      httparty
      nokogiri
    sqlite3 (1.3.9)

PLATFORMS
  ruby

DEPENDENCIES
  imgurruby
  snoo
  sqlite3
